PATH
  remote: .
  specs:
    rack-rpc (0.0.7)
      builder (>= 2.1.2)
      rack (>= 1.0)

GEM
  remote: https://rubygems.org/
  specs:
    builder (3.0.0)
    diff-lcs (1.1.3)
    nokogiri (1.5.2)
    rack (1.4.1)
    rack-test (0.6.1)
      rack (>= 1.0)
    rspec (2.10.0)
      rspec-core (~> 2.10.0)
      rspec-expectations (~> 2.10.0)
      rspec-mocks (~> 2.10.0)
    rspec-core (2.10.0)
    rspec-expectations (2.10.0)
      diff-lcs (~> 1.1.3)
    rspec-mocks (2.10.1)
    yard (0.8.1)

PLATFORMS
  ruby

DEPENDENCIES
  nokogiri (>= 1.4.4)
  rack-rpc!
  rack-test (>= 0.5.6)
  rspec (>= 2.1.0)
  yard (>= 0.6.0)
