PATH
  remote: .
  specs:
    threez-rack-rpc (0.0.8)
      builder (>= 2.1.2)
      rack (>= 1.0)

GEM
  remote: https://rubygems.org/
  specs:
    builder (3.0.0)
    diff-lcs (1.1.3)
    json (1.7.3)
    json (1.7.3-java)
    nokogiri (1.5.2)
    nokogiri (1.5.2-java)
    rack (1.4.1)
    rack-test (0.6.1)
      rack (>= 1.0)
    rake (0.9.2.2)
    rspec (2.10.0)
      rspec-core (~> 2.10.0)
      rspec-expectations (~> 2.10.0)
      rspec-mocks (~> 2.10.0)
    rspec-core (2.10.0)
    rspec-expectations (2.10.0)
      diff-lcs (~> 1.1.3)
    rspec-mocks (2.10.1)
    yard (0.8.1)

PLATFORMS
  java
  ruby

DEPENDENCIES
  json (~> 1.7.3)
  nokogiri (>= 1.4.4)
  rack-test (>= 0.5.6)
  rake
  rspec (>= 2.1.0)
  threez-rack-rpc!
  yard (>= 0.6.0)
